GEM
  remote: https://rubygems.org/
  specs:
    ffi (1.9.10-x64-mingw32)
    jekyll-compose (0.3.0)
    jekyll-watch (1.3.0)
      listen (~> 3.0)
    kramdown (1.9.0)
    listen (3.0.4)
      rb-fsevent (>= 0.9.3)
      rb-inotify (>= 0.9)
    rb-fsevent (0.9.6)
    rb-inotify (0.9.5)
      ffi (>= 0.5.0)
    rouge (1.10.1)

PLATFORMS
  x64-mingw32

DEPENDENCIES
  jekyll-compose
  jekyll-watch
  kramdown
  rouge

BUNDLED WITH
   1.10.6
